GEM
  remote: https://rubygems.org/
  specs:
    tk (0.4.0)

PLATFORMS
  x64-mingw-ucrt

DEPENDENCIES
  tk (~> 0.4.0)

BUNDLED WITH
   2.4.10
