GEM
  remote: https://rubygems.org/
  specs:
    multi_json (1.15.0)

PLATFORMS
  x64-mingw-ucrt

DEPENDENCIES
  multi_json (~> 1.15)

BUNDLED WITH
   2.4.20
